GEM
  remote: https://rubygems.org/
  specs:
    dotenv (3.1.4)

PLATFORMS
  arm64-darwin-23
  ruby

DEPENDENCIES
  dotenv (~> 3.1)

BUNDLED WITH
   2.5.18
